PATH
  remote: .
  specs:
    scopie (0.1.0)

GEM
  remote: https://rubygems.org/
  specs:

PLATFORMS
  ruby

DEPENDENCIES
  scopie!

BUNDLED WITH
   1.12.2
